GEM
  remote: http://rubygems.org/
  specs:
    diff-lcs (1.1.3)
    log4r (1.1.10)
    rake (0.9.2.2)
    rspec (2.8.0)
      rspec-core (~> 2.8.0)
      rspec-expectations (~> 2.8.0)
      rspec-mocks (~> 2.8.0)
    rspec-core (2.8.0)
    rspec-expectations (2.8.0)
      diff-lcs (~> 1.1.2)
    rspec-mocks (2.8.0)

PLATFORMS
  java

DEPENDENCIES
  log4r (~> 1.1.9)
  rake (~> 0.9.2.2)
  rspec (~> 2.8.0)
